GEM
  remote: https://rubygems.org/
  specs:
    addressable (2.6.0)
      public_suffix (>= 2.0.2, < 4.0)
    colorator (1.1.0)
    concurrent-ruby (1.1.5)
    em-websocket (0.5.1)
      eventmachine (>= 0.12.9)
      http_parser.rb (~> 0.6.0)
    eventmachine (1.2.7)
    ffi (1.11.1)
    forwardable-extended (2.6.0)
    http_parser.rb (0.6.0)
    i18n (0.9.5)
      concurrent-ruby (~> 1.0)
    jekyll (3.8.6)
      addressable (~> 2.4)
      colorator (~> 1.0)
      em-websocket (~> 0.5)
      i18n (~> 0.7)
      jekyll-sass-converter (~> 1.0)
      jekyll-watch (~> 2.0)
      kramdown (~> 1.14)
      liquid (~> 4.0)
      mercenary (~> 0.3.3)
      pathutil (~> 0.9)
      rouge (>= 1.7, < 4)
      safe_yaml (~> 1.0)
    jekyll-default-layout (0.1.4)
      jekyll (~> 3.0)
    jekyll-feed (0.12.1)
      jekyll (>= 3.7, < 5.0)
    jekyll-optional-front-matter (0.3.0)
      jekyll (~> 3.0)
    jekyll-paginate (1.1.0)
    jekyll-readme-index (0.2.0)
      jekyll (~> 3.0)
    jekyll-redirect-from (0.15.0)
      jekyll (>= 3.3, < 5.0)
    jekyll-relative-links (0.6.0)
      jekyll (~> 3.3)
    jekyll-replace-img (0.4.0)
      jekyll (~> 3.3)
    jekyll-sass-converter (1.5.2)
      sass (~> 3.4)
    jekyll-seo-tag (2.6.1)
      jekyll (>= 3.3, < 5.0)
    jekyll-sitemap (1.3.1)
      jekyll (>= 3.7, < 5.0)
    jekyll-titles-from-headings (0.5.1)
      jekyll (~> 3.3)
    jekyll-watch (2.2.1)
      listen (~> 3.0)
    kramdown (1.17.0)
    liquid (4.0.3)
    listen (3.1.5)
      rb-fsevent (~> 0.9, >= 0.9.4)
      rb-inotify (~> 0.9, >= 0.9.7)
      ruby_dep (~> 1.2)
    mercenary (0.3.6)
    pathutil (0.16.2)
      forwardable-extended (~> 2.6)
    public_suffix (3.1.1)
    rb-fsevent (0.10.3)
    rb-inotify (0.10.0)
      ffi (~> 1.0)
    rouge (3.7.0)
    ruby_dep (1.5.0)
    safe_yaml (1.0.5)
    sass (3.7.4)
      sass-listen (~> 4.0.0)
    sass-listen (4.0.0)
      rb-fsevent (~> 0.9, >= 0.9.4)
      rb-inotify (~> 0.9, >= 0.9.7)

PLATFORMS
  ruby

DEPENDENCIES
  jekyll
  jekyll-default-layout
  jekyll-feed
  jekyll-optional-front-matter
  jekyll-paginate
  jekyll-readme-index
  jekyll-redirect-from
  jekyll-relative-links
  jekyll-replace-img
  jekyll-seo-tag
  jekyll-sitemap
  jekyll-titles-from-headings
  tzinfo-data

BUNDLED WITH
   2.2.16
